GEM
  remote: https://rubygems.org/
  specs:
    aws-sdk (2.2.8)
      aws-sdk-resources (= 2.2.8)
    aws-sdk-core (2.2.8)
      jmespath (~> 1.0)
    aws-sdk-resources (2.2.8)
      aws-sdk-core (= 2.2.8)
    builder (3.2.2)
    byebug (9.0.6)
    diff-lcs (1.2.5)
    fake_sqs (0.3.0)
      builder
      sinatra
    fallen (0.0.3)
    jmespath (1.1.3)
    logger (1.2.8)
    rack (1.6.4)
    rack-protection (1.5.3)
      rack
    redis (3.2.1)
    rspec (3.3.0)
      rspec-core (~> 3.3.0)
      rspec-expectations (~> 3.3.0)
      rspec-mocks (~> 3.3.0)
    rspec-core (3.3.2)
      rspec-support (~> 3.3.0)
    rspec-expectations (3.3.1)
      diff-lcs (>= 1.2.0, < 2.0)
      rspec-support (~> 3.3.0)
    rspec-mocks (3.3.2)
      diff-lcs (>= 1.2.0, < 2.0)
      rspec-support (~> 3.3.0)
    rspec-support (3.3.0)
    sinatra (1.4.6)
      rack (~> 1.4)
      rack-protection (~> 1.4)
      tilt (>= 1.3, < 3)
    tilt (2.0.1)

PLATFORMS
  ruby

DEPENDENCIES
  aws-sdk
  byebug
  fake_sqs
  fallen
  logger
  redis
  rspec

BUNDLED WITH
   1.11.2
